GEM
  remote: https://rubygems.org/
  specs:
    addressable (2.3.5)
    builder (3.2.2)
    connection_pool (2.4.1)
    faraday (0.7.6)
      addressable (~> 2.2)
      multipart-post (~> 1.1)
      rack (~> 1.1)
    git (1.2.6)
    github_api (0.4.10)
      faraday (~> 0.7.6)
      hashie (~> 1.2.0)
      multi_json (~> 1.0)
      oauth2 (~> 0.5.2)
    hashie (1.2.0)
    highline (1.6.20)
    jeweler (2.0.0)
      builder
      bundler (>= 1.0)
      git (>= 1.2.5)
      github_api
      highline (>= 1.6.15)
      nokogiri (>= 1.5.10)
      rake
      rdoc
    json (1.8.6)
    metaclass (0.0.2)
    mini_portile (0.5.2)
    minitest (5.5.1)
    mocha (0.14.0)
      metaclass (~> 0.0.1)
    mono_logger (1.1.2)
    multi_json (1.15.0)
    multipart-post (1.2.0)
    nokogiri (1.6.1)
      mini_portile (~> 0.5.0)
    oauth2 (0.5.2)
      faraday (~> 0.7)
      multi_json (~> 1.0)
    rack (1.6.13)
    rack-protection (1.5.5)
      rack
    rake (10.1.1)
    rdoc (4.1.1)
      json (~> 1.4)
    redis (5.0.6)
      redis-client (>= 0.9.0)
    redis-client (0.14.1)
      connection_pool
    redis-namespace (1.11.0)
      redis (>= 4)
    resque (2.5.0)
      mono_logger (~> 1.0)
      multi_json (~> 1.0)
      redis-namespace (~> 1.6)
      sinatra (>= 0.9.2)
    sinatra (1.4.8)
      rack (~> 1.5)
      rack-protection (~> 1.4)
      tilt (>= 1.3, < 3)
    tilt (2.2.0)

PLATFORMS
  ruby

DEPENDENCIES
  jeweler
  minitest (~> 5.5)
  mocha (~> 0.9)
  resque (~> 2.5)

BUNDLED WITH
   2.3.20
